GEM
  remote: https://rubygems.org/
  specs:
    addressable (2.3.8)
    faraday (0.9.1)
      multipart-post (>= 1.2, < 3)
    faraday_middleware (0.10.0)
      faraday (>= 0.7.4, < 0.10)
    hashie (3.4.2)
    mini_portile (0.6.2)
    multipart-post (2.0.0)
    naught (1.1.0)
    nokogiri (1.6.6.2)
      mini_portile (~> 0.6.0)

PLATFORMS
  ruby

DEPENDENCIES
  addressable
  faraday
  faraday_middleware
  hashie
  naught
  nokogiri
